GEM
  remote: https://rubygems.org/
  specs:
    loggability (0.11.0)
    mini_portile (0.6.0)
    nokogiri (1.6.3.1)
      mini_portile (= 0.6.0)
    sequel (3.48.0)
    wordnet (1.0.0)
      loggability (~> 0.5)
      sequel (~> 3.38)

PLATFORMS
  ruby

DEPENDENCIES
  nokogiri
  wordnet (~> 1.0.0)
